GEM
  remote: https://rubygems.org/
  specs:
    mini_portile2 (2.8.0)
    nokogiri (1.13.9)
      mini_portile2 (~> 2.8.0)
      racc (~> 1.4)
    nokogiri (1.13.9-java)
      racc (~> 1.4)
    nokogiri (1.13.9-x86-mingw32)
      racc (~> 1.4)
    racc (1.6.0)
    racc (1.6.0-java)
    trollop (2.0)

PLATFORMS
  java
  ruby
  x86-mingw32

DEPENDENCIES
  bundler
  nokogiri
  trollop
