GEM
  remote: https://rubygems.org/
  specs:
    mini_portile2 (2.4.0)
    nokogiri (1.10.8)
      mini_portile2 (~> 2.4.0)
    nokogiri (1.10.8-java)
    nokogiri (1.10.8-x86-mingw32)
      mini_portile2 (~> 2.4.0)
    trollop (2.0)

PLATFORMS
  java
  ruby
  x86-mingw32

DEPENDENCIES
  bundler
  nokogiri
  trollop
