GEM
  remote: https://rubygems.org/
  specs:
    mini_portile2 (2.5.1)
    nokogiri (1.11.4)
      mini_portile2 (~> 2.5.0)
      racc (~> 1.4)
    nokogiri (1.11.4-java)
      racc (~> 1.4)
    nokogiri (1.11.4-x86-mingw32)
      racc (~> 1.4)
    racc (1.5.2)
    racc (1.5.2-java)
    trollop (2.0)

PLATFORMS
  java
  ruby
  x86-mingw32

DEPENDENCIES
  bundler
  nokogiri
  trollop
