GEM
  remote: https://rubygems.org/
  specs:
    mini_portile2 (2.6.1)
    nokogiri (1.12.5)
      mini_portile2 (~> 2.6.1)
      racc (~> 1.4)
    nokogiri (1.12.5-java)
      racc (~> 1.4)
    nokogiri (1.12.5-x86-mingw32)
      racc (~> 1.4)
    racc (1.5.2)
    racc (1.5.2-java)
    trollop (2.0)

PLATFORMS
  java
  ruby
  x86-mingw32

DEPENDENCIES
  bundler
  nokogiri
  trollop
